GEM
  remote: https://rubygems.org/
  specs:
    bbmb (2.1.3)
      deprecated (= 2.0.1)
      hpricot
      htmlgrid
      json
      mail
      needle
      odba (>= 1.1.2)
      rclconf
      sbsm
      syck
      ydbd-pg (>= 0.5.2)
      ydbi (>= 0.5.3)
      ydim (>= 0.5.1)
      ypdf-writer
      yus
    byebug (9.0.6)
    childprocess (0.6.1)
      ffi (~> 1.0, >= 1.0.11)
    coderay (1.1.1)
    color (1.8)
    deprecated (2.0.1)
    diff-lcs (1.3)
    ffi (1.9.17)
    flexmock (2.3.5)
    highline (1.7.8)
    hpricot (0.8.6)
    htmlgrid (1.1.3)
      sbsm (>= 1.2.7)
    json (2.0.3)
    mail (2.6.4)
      mime-types (>= 1.16, < 4)
    method_source (0.8.2)
    mime-types (3.1)
      mime-types-data (~> 3.2015)
    mime-types-data (3.2016.0521)
    minitest (5.10.1)
    needle (1.3.0)
    odba (1.1.2)
      ydbd-pg (>= 0.5.1)
      ydbi (>= 0.5.1)
    pg (0.17.0)
    power_assert (1.0.1)
    pry (0.10.4)
      coderay (~> 1.1.0)
      method_source (~> 0.8.1)
      slop (~> 3.4)
    pry-byebug (3.4.2)
      byebug (~> 9.0)
      pry (~> 0.10)
    pry-doc (0.10.0)
      pry (~> 0.9)
      yard (~> 0.9)
    rack (2.0.1)
    rake (12.0.0)
    rclconf (1.0.0)
    rmail (1.1.2)
    rrba (1.0.0)
    rspec (3.5.0)
      rspec-core (~> 3.5.0)
      rspec-expectations (~> 3.5.0)
      rspec-mocks (~> 3.5.0)
    rspec-core (3.5.4)
      rspec-support (~> 3.5.0)
    rspec-expectations (3.5.0)
      diff-lcs (>= 1.2.0, < 2.0)
      rspec-support (~> 3.5.0)
    rspec-mocks (3.5.0)
      diff-lcs (>= 1.2.0, < 2.0)
      rspec-support (~> 3.5.0)
    rspec-support (3.5.0)
    ruby-ole (1.2.12)
    rubyzip (1.2.1)
    sbsm (1.3.0)
      hpricot
      mail
      rack
    selenium-webdriver (3.1.0)
      childprocess (~> 0.5)
      rubyzip (~> 1.0)
      websocket (~> 1.0)
    slop (3.6.0)
    spreadsheet (1.1.4)
      ruby-ole (>= 1.0)
    syck (1.2.0)
    test-unit (3.2.3)
      power_assert
    transaction-simple (1.4.0.2)
    watir (6.2.0)
      selenium-webdriver (~> 3.0)
    watir-webdriver (0.9.9)
      selenium-webdriver (>= 2.46.2)
    websocket (1.2.4)
    yard (0.9.8)
    ydbd-pg (0.5.3)
      pg
      ydbi (>= 0.5.0)
    ydbi (0.5.3)
      deprecated (= 2.0.1)
    ydim (1.0.3)
      deprecated (= 2.0.1)
      hpricot
      needle
      odba (>= 1.1.2)
      rclconf
      rmail
      rrba
      syck
      ydbd-pg (>= 0.5.1)
      ydbi (>= 0.5.1)
      ypdf-writer
    ypdf-writer (1.3.3)
      color (>= 1.4.0)
      transaction-simple (~> 1.3)
    yus (1.0.4)
      deprecated (= 2.0.1)
      highline
      needle
      odba
      pg (= 0.17.0)
      rclconf
      ydbd-pg (>= 0.5.1)
      ydbi (>= 0.5.1)

PLATFORMS
  ruby

DEPENDENCIES
  bbmb
  flexmock
  minitest
  odba
  pry-byebug
  pry-doc
  rake
  rspec
  sbsm (= 1.3.0)
  spreadsheet
  test-unit
  watir
  watir-webdriver

BUNDLED WITH
   1.13.7
